GIT
  remote: https://github.com/AnimaGUS-minerva/ChariWTs.git
  revision: ca55f6fb87800c5ac22f815d82d635dd7d4faf14
  branch: v0.11.0
  specs:
    chariwt (0.11.1)
      cbor (~> 0.5.0)
      ecdsa (~> 1.3.0)

GIT
  remote: https://github.com/AnimaGUS-minerva/celluloid-io.git
  revision: a9bedc3dbfa3c7aef4b1cfffb9211b0787b6c61a
  branch: 0.17-dtls
  submodules: true
  specs:
    celluloid-io (0.17.3)
      nio4r (>= 1.1)

GIT
  remote: https://github.com/AnimaGUS-minerva/coap.git
  revision: a7ea1b608ee444ee6238e94fef7e1a17a106c1a1
  branch: dtls-client
  specs:
    coap (0.2.0)
      celluloid (~> 0.17.3)
      celluloid-io (~> 0.17.3)
      resolv-ipv6favor (~> 0)

GIT
  remote: https://github.com/AnimaGUS-minerva/ruby_ecdsa.git
  revision: 64eb588befbf65fe58209d20d5a12da646077c5b
  branch: ecdsa_interface_openssl
  specs:
    ecdsa (1.3.0)

PATH
  remote: ../minerva/ruby-openssl-upstreamed
  specs:
    openssl (2.2.0.pre.mcr1)

GEM
  remote: https://rubygems.org/
  specs:
    actionpack (6.1.7.10)
      actionview (= 6.1.7.10)
      activesupport (= 6.1.7.10)
      rack (~> 2.0, >= 2.0.9)
      rack-test (>= 0.6.3)
      rails-dom-testing (~> 2.0)
      rails-html-sanitizer (~> 1.0, >= 1.2.0)
    actionview (6.1.7.10)
      activesupport (= 6.1.7.10)
      builder (~> 3.1)
      erubi (~> 1.4)
      rails-dom-testing (~> 2.0)
      rails-html-sanitizer (~> 1.1, >= 1.2.0)
    activesupport (6.1.7.10)
      concurrent-ruby (~> 1.0, >= 1.0.2)
      i18n (>= 1.6, < 2)
      minitest (>= 5.1)
      tzinfo (~> 2.0)
      zeitwerk (~> 2.3)
    addressable (2.8.7)
      public_suffix (>= 2.0.2, < 7.0)
    base64 (0.2.0)
    bigdecimal (3.1.9)
    builder (3.3.0)
    byebug (11.1.3)
    cbor (0.5.9.8)
    cbor-canonical (0.1.2)
    cbor-deterministic (0.1.3)
    cbor-diag (0.9.5)
      cbor-canonical
      cbor-deterministic
      cbor-packed
      json_pure
      neatjson
      treetop (~> 1)
    cbor-packed (0.2.2)
    celluloid (0.17.4)
      celluloid-essentials
      celluloid-extras
      celluloid-fsm
      celluloid-pool
      celluloid-supervision
      timers (>= 4.1.1)
    celluloid-essentials (0.20.5)
      timers (>= 4.1.1)
    celluloid-extras (0.20.5)
      timers (>= 4.1.1)
    celluloid-fsm (0.20.5)
      timers (>= 4.1.1)
    celluloid-pool (0.20.5)
      timers (>= 4.1.1)
    celluloid-supervision (0.20.6)
      timers (>= 4.1.1)
    concurrent-ruby (1.3.5)
    crack (1.0.0)
      bigdecimal
      rexml
    crass (1.0.6)
    date (3.4.1)
    diff-lcs (1.6.1)
    erubi (1.13.1)
    ffi (1.17.1)
    hashdiff (1.1.2)
    i18n (1.14.7)
      concurrent-ruby (~> 1.0)
    ipaddress (0.8.3)
    jbuilder (2.13.0)
      actionview (>= 5.0.0)
      activesupport (>= 5.0.0)
    json (2.7.6)
    json_pure (2.7.6)
    jwt (2.10.1)
      base64
    listen (3.9.0)
      rb-fsevent (~> 0.10, >= 0.10.3)
      rb-inotify (~> 0.9, >= 0.9.10)
    loofah (2.24.0)
      crass (~> 1.0.2)
      nokogiri (>= 1.12.0)
    mail (2.8.1)
      mini_mime (>= 0.1.1)
      net-imap
      net-pop
      net-smtp
    method_source (1.1.0)
    mini_mime (1.1.5)
    mini_portile2 (2.8.8)
    minitest (5.25.4)
    neatjson (0.10.5)
    net-imap (0.3.8)
      date
      net-protocol
    net-pop (0.1.2)
      net-protocol
    net-protocol (0.2.2)
      timeout
    net-smtp (0.5.1)
      net-protocol
    nio4r (2.7.4)
    nokogiri (1.13.10)
      mini_portile2 (~> 2.8.0)
      racc (~> 1.4)
    nokogiri (1.13.10-x86_64-linux)
      racc (~> 1.4)
    polyglot (0.3.5)
    public_suffix (5.1.1)
    racc (1.8.1)
    rack (2.2.13)
    rack-test (2.2.0)
      rack (>= 1.3)
    rails-dom-testing (2.2.0)
      activesupport (>= 5.0.0)
      minitest
      nokogiri (>= 1.6)
    rails-html-sanitizer (1.5.0)
      loofah (~> 2.19, >= 2.19.1)
    railties (6.1.7.10)
      actionpack (= 6.1.7.10)
      activesupport (= 6.1.7.10)
      method_source
      rake (>= 12.2)
      thor (~> 1.0)
    rake (13.2.1)
    rb-fsevent (0.11.2)
    rb-inotify (0.11.1)
      ffi (~> 1.0)
    resolv-ipv6favor (0.0.0)
    rexml (3.4.1)
    rspec-core (3.9.3)
      rspec-support (~> 3.9.3)
    rspec-expectations (3.9.4)
      diff-lcs (>= 1.2.0, < 2.0)
      rspec-support (~> 3.9.0)
    rspec-mocks (3.9.1)
      diff-lcs (>= 1.2.0, < 2.0)
      rspec-support (~> 3.9.0)
    rspec-rails (3.9.1)
      actionpack (>= 3.0)
      activesupport (>= 3.0)
      railties (>= 3.0)
      rspec-core (~> 3.9.0)
      rspec-expectations (~> 3.9.0)
      rspec-mocks (~> 3.9.0)
      rspec-support (~> 3.9.0)
    rspec-support (3.9.4)
    spring (2.1.1)
    spring-watcher-listen (2.0.1)
      listen (>= 2.7, < 4.0)
      spring (>= 1.2, < 3.0)
    sprockets (3.7.5)
      base64
      concurrent-ruby (~> 1.0)
      rack (> 1, < 3)
    sqlite3 (1.3.13)
    thor (1.3.2)
    timeout (0.4.3)
    timers (4.3.5)
    treetop (1.6.14)
      polyglot (~> 0.3)
    tzinfo (2.0.6)
      concurrent-ruby (~> 1.0)
    webmock (3.25.1)
      addressable (>= 2.8.0)
      crack (>= 0.3.2)
      hashdiff (>= 0.4.0, < 2.0.0)
    websocket-extensions (0.1.5)
    zeitwerk (2.6.18)

PLATFORMS
  arm-linux
  x86_64-linux

DEPENDENCIES
  activesupport (>= 5.2.4.3)
  byebug
  cbor
  cbor-diag
  celluloid (~> 0.17.0)
  celluloid-io!
  chariwt!
  coap!
  ecdsa!
  ipaddress
  jbuilder (~> 2.5)
  json (>= 2.3.0)
  jwt
  mail
  openssl!
  rack (>= 2.2.3.1)
  rspec-rails (~> 3.6)
  spring
  spring-watcher-listen (~> 2.0.0)
  sprockets (~> 3.7.2)
  sqlite3 (~> 1.3.6)
  tzinfo (>= 1.2.10)
  webmock
  websocket-extensions (>= 0.1.5)

BUNDLED WITH
   2.4.10
